GEM
  remote: http://rubygems.org/
  specs:
    addressable (2.4.0)
    builder (3.2.3)
    descendants_tracker (0.0.4)
      thread_safe (~> 0.3, >= 0.3.1)
    faraday (0.9.2)
      multipart-post (>= 1.2, < 3)
    git (1.5.0)
    github_api (0.16.0)
      addressable (~> 2.4.0)
      descendants_tracker (~> 0.0.4)
      faraday (~> 0.8, < 0.10)
      hashie (>= 3.4)
      mime-types (>= 1.16, < 3.0)
      oauth2 (~> 1.0)
    hashie (3.6.0)
    highline (2.0.2)
    jar-dependencies (0.4.0)
    jeweler (2.3.9)
      builder
      bundler
      git (>= 1.2.5)
      github_api (~> 0.16.0)
      highline (>= 1.6.15)
      nokogiri (>= 1.5.10)
      psych
      rake
      rdoc
      semver2
    jruby-rcov (0.8.2.4-java)
    jwt (2.2.1)
    mime-types (2.99.3)
    minitest (5.11.3)
    multi_json (1.13.1)
    multi_xml (0.6.0)
    multipart-post (2.1.1)
    nokogiri (1.14.2-java)
      racc (~> 1.4)
    nokogiri (1.14.2-x86_64-linux)
      racc (~> 1.4)
    oauth2 (1.4.1)
      faraday (>= 0.8, < 0.16.0)
      jwt (>= 1.0, < 3.0)
      multi_json (~> 1.3)
      multi_xml (~> 0.5)
      rack (>= 1.2, < 3)
    psych (3.1.0)
    psych (3.1.0-java)
      jar-dependencies (>= 0.1.7)
    racc (1.6.2)
    racc (1.6.2-java)
    rack (2.0.7)
    rake (10.5.0)
    rdoc (6.1.1)
    semver2 (3.4.2)
    thread_safe (0.3.6)
    thread_safe (0.3.6-java)

PLATFORMS
  java
  x86_64-linux

DEPENDENCIES
  bundler (~> 2.0.1)
  jeweler (~> 2.3.9)
  jruby-rcov (~> 0.8.2.4)
  minitest (>= 5.11.3)
  rake (< 11.0)
  rdoc (>= 3.12.1)

BUNDLED WITH
   2.0.1
